PATH
  remote: .
  specs:
    codeslave (0.1.0)
      slop (~> 4.7)

GEM
  remote: https://rubygems.org/
  specs:
    minitest (5.13.0)
    rake (10.5.0)
    slop (4.7.0)

PLATFORMS
  ruby

DEPENDENCIES
  bundler (~> 2.0)
  codeslave!
  minitest (~> 5.0)
  rake (~> 10.0)

BUNDLED WITH
   2.0.2
