PATH
  remote: .
  specs:
    codeslave (0.1.0)
      colorize (~> 0.8)
      octokit (~> 4.14)
      slop (~> 4.7)

GEM
  remote: https://rubygems.org/
  specs:
    addressable (2.7.0)
      public_suffix (>= 2.0.2, < 5.0)
    coderay (1.1.2)
    colorize (0.8.1)
    faraday (0.17.1)
      multipart-post (>= 1.2, < 3)
    method_source (0.9.2)
    minitest (5.13.0)
    multipart-post (2.1.1)
    octokit (4.14.0)
      sawyer (~> 0.8.0, >= 0.5.3)
    pry (0.12.2)
      coderay (~> 1.1.0)
      method_source (~> 0.9.0)
    public_suffix (4.0.1)
    rake (10.5.0)
    sawyer (0.8.2)
      addressable (>= 2.3.5)
      faraday (> 0.8, < 2.0)
    slop (4.7.0)

PLATFORMS
  ruby

DEPENDENCIES
  bundler (~> 2.0)
  codeslave!
  minitest (~> 5.0)
  pry
  rake (~> 10.0)

BUNDLED WITH
   2.0.2
